GIT
  remote: git://github.com/jnicklas/carrierwave.git
  revision: 272c9aac1f2f30c4bd2990e28a3b1403c9820f37
  specs:
    carrierwave (0.5.0)
      activesupport (~> 3.0)

GIT
  remote: git://github.com/nex3/haml.git
  revision: ec5fc0514f3807e1a3514461e417ce1c08abd055
  specs:
    haml (3.1.0.alpha.0)

GIT
  remote: git://github.com/plataformatec/devise.git
  revision: ec5bfe9119d0e1e633629793b0de1f58f89622dc
  specs:
    devise (1.2.rc)
      bcrypt-ruby (~> 2.1.2)
      orm_adapter (~> 0.0.2)
      warden (~> 1.0.2)

GEM
  remote: http://rubygems.org/
  specs:
    abstract (1.0.0)
    actionmailer (3.0.0)
      actionpack (= 3.0.0)
      mail (~> 2.2.5)
    actionpack (3.0.0)
      activemodel (= 3.0.0)
      activesupport (= 3.0.0)
      builder (~> 2.1.2)
      erubis (~> 2.6.6)
      i18n (~> 0.4.1)
      rack (~> 1.2.1)
      rack-mount (~> 0.6.12)
      rack-test (~> 0.5.4)
      tzinfo (~> 0.3.23)
    activemodel (3.0.0)
      activesupport (= 3.0.0)
      builder (~> 2.1.2)
      i18n (~> 0.4.1)
    activerecord (3.0.0)
      activemodel (= 3.0.0)
      activesupport (= 3.0.0)
      arel (~> 1.0.0)
      tzinfo (~> 0.3.23)
    activeresource (3.0.0)
      activemodel (= 3.0.0)
      activesupport (= 3.0.0)
    activesupport (3.0.0)
    arel (1.0.1)
      activesupport (~> 3.0.0)
    bcrypt-ruby (2.1.2)
    bson (1.0.9)
    bson_ext (1.0.9)
    builder (2.1.2)
    erubis (2.6.6)
      abstract (>= 1.0.0)
    hpricot (0.8.3)
    i18n (0.4.1)
    mail (2.2.6.1)
      activesupport (>= 2.3.6)
      mime-types
      treetop (>= 1.4.5)
    mime-types (1.16)
    mini_magick (3.1)
      subexec (~> 0.0.4)
    mongo (1.1)
      bson (>= 1.0.5)
    mongoid (2.0.0.beta.20)
      activemodel (~> 3.0)
      mongo (~> 1.1)
      tzinfo (~> 0.3.22)
      will_paginate (~> 3.0.pre)
    nifty-generators (0.4.2)
    orm_adapter (0.0.3)
    polyglot (0.3.1)
    rack (1.2.1)
    rack-mount (0.6.13)
      rack (>= 1.0.0)
    rack-test (0.5.4)
      rack (>= 1.0)
    rails (3.0.0)
      actionmailer (= 3.0.0)
      actionpack (= 3.0.0)
      activerecord (= 3.0.0)
      activeresource (= 3.0.0)
      activesupport (= 3.0.0)
      bundler (~> 1.0.0)
      railties (= 3.0.0)
    rails3-generators (0.14.0)
    railties (3.0.0)
      actionpack (= 3.0.0)
      activesupport (= 3.0.0)
      rake (>= 0.8.4)
      thor (~> 0.14.0)
    rake (0.8.7)
    ruby_parser (2.0.5)
      sexp_processor (~> 3.0)
    sexp_processor (3.0.5)
    subexec (0.0.4)
    thor (0.14.1)
    treetop (1.4.8)
      polyglot (>= 0.3.1)
    tzinfo (0.3.23)
    warden (1.0.2)
      rack (>= 1.0.0)
    will_paginate (3.0.pre2)

PLATFORMS
  ruby

DEPENDENCIES
  bson (= 1.0.9)
  bson_ext (= 1.0.9)
  carrierwave!
  devise!
  haml!
  hpricot
  mini_magick
  mongoid (= 2.0.0.beta.20)
  nifty-generators
  rails (= 3.0.0)
  rails3-generators
  ruby_parser
